GEM
  remote: http://rubygems.org/
  specs:
    addressable (2.2.6)
    heroku (2.5.0)
      launchy (>= 0.3.2)
      rest-client (~> 1.6.1)
      term-ansicolor (~> 1.0.5)
    launchy (2.0.5)
      addressable (~> 2.2.6)
    mime-types (1.16)
    rack (1.3.2)
    rest-client (1.6.3)
      mime-types (>= 1.16)
    term-ansicolor (1.0.6)

PLATFORMS
  ruby

DEPENDENCIES
  heroku
  rack
